GIT
  remote: https://github.com/shoutm/attr-utils
  revision: 0e21365ac5d82febcc475822e6a9d517a7c84c1a
  specs:
    attr-utils (0.2.0)

GEM
  remote: https://rubygems.org/
  specs:
    byebug (11.1.3)
    coderay (1.1.3)
    faraday (2.2.0)
      faraday-net_http (~> 2.0)
      ruby2_keywords (>= 0.0.4)
    faraday-net_http (2.0.2)
    method_source (1.0.0)
    nokogiri (1.13.5-x86_64-darwin)
      racc (~> 1.4)
    pry (0.13.1)
      coderay (~> 1.1)
      method_source (~> 1.0)
    pry-byebug (3.9.0)
      byebug (~> 11.0)
      pry (~> 0.13.0)
    racc (1.6.0)
    ruby2_keywords (0.0.5)

PLATFORMS
  x86_64-darwin-21

DEPENDENCIES
  attr-utils!
  faraday
  nokogiri
  pry-byebug

BUNDLED WITH
   2.3.3
